PATH
  remote: .
  specs:
    vmc (0.3.13)
      highline (~> 1.6.1)
      json_pure (~> 1.5.1)
      rest-client (>= 1.6.1, < 1.7.0)
      rubyzip2 (~> 2.0.1)
      terminal-table (~> 1.4.2)

GEM
  remote: http://rubygems.org/
  specs:
    addressable (2.2.6)
    crack (0.3.1)
    highline (1.6.2)
    json_pure (1.5.4)
      spruz (~> 0.2.8)
    mime-types (1.16)
    rake (0.9.2)
    rest-client (1.6.7)
      mime-types (>= 1.16)
    rspec (1.3.2)
    rubyzip2 (2.0.1)
    spruz (0.2.13)
    terminal-table (1.4.2)
    webmock (1.7.6)
      addressable (> 2.2.5, ~> 2.2)
      crack (>= 0.1.7)

PLATFORMS
  x86-mingw32

DEPENDENCIES
  rake
  rspec (~> 1.3.0)
  vmc!
  webmock (>= 1.5.0)
